STORAGE: NONE
RESTRICTION: || (== netcoreapp3.1) (== netstandard2.0) (== netstandard2.1)
NUGET
  remote: https://api.nuget.org/v3/index.json
    FSharp.Core (4.7.2)
    MonoGame.Content.Builder.Task (3.8.0.1641)
    MonoGame.Framework.DesktopGL (3.8.0.1641)
